PATH
  remote: .
  specs:
    spreedly (1.3.5)

GEM
  remote: https://rubygems.org/
  specs:

PLATFORMS
  ruby

DEPENDENCIES
  spreedly!
